GEM
  remote: https://rubygems.org/
  specs:
    coderay (1.1.2)
    marc (1.0.4)
      scrub_rb (>= 1.0.1, < 2)
      unf
    method_source (0.9.2)
    mini_portile2 (2.4.0)
    nokogiri (1.10.4)
      mini_portile2 (~> 2.4.0)
    openurl (1.0.0)
      marc
      scrub_rb (~> 1.0)
    pry (0.12.2)
      coderay (~> 1.1.0)
      method_source (~> 0.9.0)
    scrub_rb (1.0.1)
    unf (0.1.4)
      unf_ext
    unf_ext (0.0.7.6)

PLATFORMS
  ruby

DEPENDENCIES
  nokogiri
  openurl
  pry

BUNDLED WITH
   1.17.2
